STORAGE: PACKAGES
RESTRICTION: == net40
NUGET
  remote: https://www.nuget.org/api/v2
    DotlessClientOnly (1.5.2)
    Ioc.Modules (1.4.1)
      Ioc.Modules.Contract (>= 1.4.1)
    Ioc.Modules.Contract (1.4.1)
    Ioc.Modules.Ninject (1.4.1)
      Ioc.Modules (>= 1.4.1)
      Ioc.Modules.Contract (>= 1.4.1)
      Ninject (>= 3.2.2)
    Microsoft.Owin (2.1)
      Owin (>= 1.0)
    Microsoft.Owin.Host.SystemWeb (2.1)
      Microsoft.Owin (>= 2.1)
      Microsoft.Web.Infrastructure (>= 1.0)
      Owin (>= 1.0)
    Microsoft.Web.Infrastructure (1.0)
    Newtonsoft.Json (7.0.1)
    Ninject (3.2.2)
    Owin (1.0)
    Owin.Framework (2.8.1)
      Ioc.Modules.Contract (>= 1.4.1)
      Microsoft.Owin (>= 2.1)
      Owin (>= 1.0)
    Owin.Framework.ExceptionReporter (2.8)
      Ioc.Modules.Contract (>= 1.4.1)
      Newtonsoft.Json (>= 7.0.1)
      Owin.Framework (>= 2.8)
    Owin.Framework.Facilities.Cache.Local (2.7.2)
      Ioc.Modules.Contract (>= 1.4.1)
      Owin.Framework (>= 2.7)
    Owin.Framework.Less (2.8.1)
      DotlessClientOnly (>= 1.5.2)
      Ioc.Modules.Contract (>= 1.4.1)
      Newtonsoft.Json (>= 7.0.1)
      Owin.Framework (>= 2.8.1)
    Owin.Framework.NotFound (2.8)
      Ioc.Modules.Contract (>= 1.4.1)
      Owin.Framework (>= 2.8)
    Owin.Framework.OutputCache (2.8)
      Ioc.Modules.Contract (>= 1.4.1)
      Newtonsoft.Json (>= 7.0.1)
      Owin.Framework (>= 2.8)
    Owin.Framework.Pages.Core (1.3.11)
      Newtonsoft.Json (>= 7.0.1)
      Owin.Framework (>= 2.7.1)
    Owin.Framework.Pages.DebugMiddleware (1.3.11)
      Newtonsoft.Json (>= 7.0.1)
      Owin.Framework (>= 2.7.1)
      Owin.Framework.Pages.Core (>= 1.3.11)
      Svg (>= 2.3)
      Urchin.Client (>= 1.3.2)
    Owin.Framework.Pages.Framework (1.3.11)
      Newtonsoft.Json (>= 7.0.1)
      Owin.Framework (>= 2.7.1)
      Owin.Framework.Pages.Core (>= 1.3.11)
      Urchin.Client (>= 1.3.2)
    Owin.Framework.Pages.Html (1.3.11)
      DotlessClientOnly (>= 1.5.2)
      Newtonsoft.Json (>= 7.0.1)
      Owin.Framework (>= 2.7.1)
      Owin.Framework.Pages.Core (>= 1.3.11)
      Urchin.Client (>= 1.3.2)
    Owin.Framework.Pages.Restful (1.3.11)
      Newtonsoft.Json (>= 7.0.1)
      Owin.Framework (>= 2.7.1)
      Owin.Framework.Pages.Core (>= 1.3.11)
      Urchin.Client (>= 1.3.2)
    Owin.Framework.Pages.Standard (1.3.11)
      Newtonsoft.Json (>= 7.0.1)
      Owin.Framework (>= 2.7.1)
      Owin.Framework.Pages.Core (>= 1.3.11)
      Owin.Framework.Pages.Framework (>= 1.3.11)
      Owin.Framework.Pages.Html (>= 1.3.11)
      Owin.Framework.Pages.Restful (>= 1.3.11)
      Urchin.Client (>= 1.3.2)
    Owin.Framework.StaticFiles (2.8)
      Ioc.Modules.Contract (>= 1.4.1)
      Newtonsoft.Json (>= 7.0.1)
      Owin.Framework (>= 2.8)
    Owin.Framework.Urchin (2.8.1)
      Ioc.Modules.Contract (>= 1.4.1)
      Microsoft.Owin (>= 2.1)
      Newtonsoft.Json (>= 7.0.1)
      Owin (>= 1.0)
      Owin.Framework (>= 2.8.1)
      Urchin.Client (>= 1.3.2)
    Owin.Framework.Versioning (2.8)
      Ioc.Modules.Contract (>= 1.4.1)
      Newtonsoft.Json (>= 7.0.1)
      Owin.Framework (>= 2.8)
    Svg (2.3)
    Urchin.Client (1.3.2)
      Ioc.Modules.Contract (>= 1.4.1)
      Newtonsoft.Json (>= 7.0.1)
