STORAGE: PACKAGES
RESTRICTION: == net40
NUGET
  remote: https://www.nuget.org/api/v2
    DotlessClientOnly (1.5.2)
    Ioc.Modules (1.3.2)
    Ioc.Modules.Ninject (1.3.1)
      Ioc.Modules (>= 1.3.1)
      Ninject (>= 3.2.2)
    Microsoft.Owin (2.1)
      Owin (>= 1.0)
    Microsoft.Owin.Host.SystemWeb (2.1)
      Microsoft.Owin (>= 2.1)
      Microsoft.Web.Infrastructure (>= 1.0)
      Owin (>= 1.0)
    Microsoft.Web.Infrastructure (1.0)
    Newtonsoft.Json (7.0.1)
    Ninject (3.2.2)
    Owin (1.0)
    Owin.Framework (2.6.8)
      Ioc.Modules (>= 1.3.2)
      Microsoft.Owin (>= 2.1)
      Owin (>= 1.0)
    Owin.Framework.ExceptionReporter (2.6.3)
      Ioc.Modules (>= 1.3.2)
      Newtonsoft.Json (>= 7.0.1)
      Owin.Framework (>= 2.6.8)
    Owin.Framework.Less (2.6.2)
      DotlessClientOnly (>= 1.5.2)
      Ioc.Modules (>= 1.3.1)
      Newtonsoft.Json (>= 7.0.1)
      Owin.Framework (>= 2.6.7)
    Owin.Framework.NotFound (2.6.2)
      Ioc.Modules (>= 1.3.1)
      Owin.Framework (>= 2.6.7)
    Owin.Framework.Pages.Core (1.1.1)
      Microsoft.Owin (2.1)
      Owin.Framework (>= 2.6 < 3.0)
    Owin.Framework.Pages.DebugMiddleware (1.1.1)
      Microsoft.Owin (2.1)
      Owin.Framework (>= 2.6 < 3.0)
    Owin.Framework.Pages.Framework (1.1.1)
      Microsoft.Owin (2.1)
      Owin.Framework (>= 2.6 < 3.0)
    Owin.Framework.Pages.Html (1.1.1)
      Microsoft.Owin (2.1)
      Owin.Framework (>= 2.6 < 3.0)
    Owin.Framework.Pages.Restful (1.1.1)
      Microsoft.Owin (2.1)
      Owin.Framework (>= 2.6 < 3.0)
    Owin.Framework.Pages.Standard (1.1.1)
      Microsoft.Owin (2.1)
      Owin.Framework (>= 2.6 < 3.0)
    Owin.Framework.StaticFiles (2.6.2)
      Ioc.Modules (>= 1.3.1)
      Newtonsoft.Json (>= 7.0.1)
      Owin.Framework (>= 2.6.7)
    Owin.Framework.Urchin (2.6.8)
      Ioc.Modules (>= 1.3.2)
      Newtonsoft.Json (>= 7.0.1)
      Owin.Framework (>= 2.6.8)
      Urchin.Client (>= 1.2.1)
    Svg (2.4.1)
    Urchin.Client (1.2.5)
      Ioc.Modules (>= 1.2.1)
      Newtonsoft.Json (>= 7.0.1)
